GIT
  remote: git@github.com:resque/resque.git
  revision: 1cdaae1d8c6404b334b80f3da430a67c9bbd902b
  specs:
    resque (2.0.0.pre.1)
      json
      mono_logger (~> 1.0)
      redis-namespace (~> 1.0, < 1.3.0)
      thor (~> 0.17)

GEM
  remote: http://rubygems.org/
  specs:
    json (1.8.0)
    mono_logger (1.0.1)
    redis (3.0.4)
    redis-namespace (1.2.1)
      redis (~> 3.0.0)
    thor (0.18.1)

PLATFORMS
  ruby

DEPENDENCIES
  resque!
